GEM
  remote: https://rubygems.org/
  specs:
    taglib-ruby (0.6.0)
    thor (0.19.1)

PLATFORMS
  ruby

DEPENDENCIES
  taglib-ruby
  thor
